GEM
  remote: https://rubygems.org/
  specs:
    activemodel (3.2.15)
      activesupport (= 3.2.15)
      builder (~> 3.0.0)
    activesupport (3.2.15)
      i18n (~> 0.6, >= 0.6.4)
      multi_json (~> 1.0)
    bcrypt-ruby (3.1.2)
    builder (3.0.4)
    daemons (1.1.9)
    database_cleaner (1.2.0)
    diff-lcs (1.2.4)
    eventmachine (1.0.3)
    factory_girl (4.2.0)
      activesupport (>= 3.0.0)
    haml (4.0.3)
      tilt
    http_router (0.11.0)
      rack (>= 1.0.0)
      url_mount (~> 0.2.1)
    i18n (0.6.5)
    mail (2.5.4)
      mime-types (~> 1.16)
      treetop (~> 1.4.8)
    mime-types (1.25)
    mongoid (3.0.23)
      activemodel (~> 3.1)
      moped (~> 1.2)
      origin (~> 1.0)
      tzinfo (~> 0.3.22)
    moped (1.5.1)
    ms_lorem (0.2.0)
    multi_json (1.8.2)
    origin (1.1.0)
    padrino (0.11.4)
      padrino-admin (= 0.11.4)
      padrino-cache (= 0.11.4)
      padrino-core (= 0.11.4)
      padrino-gen (= 0.11.4)
      padrino-helpers (= 0.11.4)
      padrino-mailer (= 0.11.4)
    padrino-admin (0.11.4)
      padrino-core (= 0.11.4)
      padrino-helpers (= 0.11.4)
    padrino-cache (0.11.4)
      padrino-core (= 0.11.4)
      padrino-helpers (= 0.11.4)
    padrino-core (0.11.4)
      activesupport (>= 3.1, < 4.0)
      http_router (~> 0.11.0)
      rack-protection (>= 1.5.0)
      sinatra (~> 1.4.2)
      thor (~> 0.17.0)
      tilt (~> 1.4.1)
    padrino-gen (0.11.4)
      bundler (~> 1.0)
      padrino-core (= 0.11.4)
    padrino-helpers (0.11.4)
      i18n (~> 0.6)
      padrino-core (= 0.11.4)
    padrino-mailer (0.11.4)
      mail (~> 2.5.3)
      padrino-core (= 0.11.4)
    polyglot (0.3.3)
    rack (1.5.2)
    rack-protection (1.5.0)
      rack
    rack-test (0.6.2)
      rack (>= 1.0)
    rake (10.1.0)
    rspec (2.14.1)
      rspec-core (~> 2.14.0)
      rspec-expectations (~> 2.14.0)
      rspec-mocks (~> 2.14.0)
    rspec-core (2.14.6)
    rspec-expectations (2.14.3)
      diff-lcs (>= 1.1.3, < 2.0)
    rspec-mocks (2.14.4)
    sass (3.2.12)
    sinatra (1.4.3)
      rack (~> 1.4)
      rack-protection (~> 1.4)
      tilt (~> 1.3, >= 1.3.4)
    thin (1.6.0)
      daemons (>= 1.0.9)
      eventmachine (>= 1.0.0)
      rack (>= 1.5.0)
    thor (0.17.0)
    tilt (1.4.1)
    treetop (1.4.15)
      polyglot
      polyglot (>= 0.3.1)
    tzinfo (0.3.38)
    url_mount (0.2.1)
      rack

PLATFORMS
  ruby

DEPENDENCIES
  bcrypt-ruby
  database_cleaner
  factory_girl
  haml
  mongoid (~> 3.0.0)
  ms_lorem
  padrino (= 0.11.4)
  rack-test
  rake
  rspec
  sass
  thin
